GEM
  remote: https://rubygems.org/
  specs:
    activemodel (5.1.2)
      activesupport (= 5.1.2)
    activerecord (5.1.2)
      activemodel (= 5.1.2)
      activesupport (= 5.1.2)
      arel (~> 8.0)
    activesupport (5.1.2)
      concurrent-ruby (~> 1.0, >= 1.0.2)
      i18n (~> 0.7)
      minitest (~> 5.1)
      tzinfo (~> 1.1)
    arel (8.0.0)
    bond (0.5.1)
    concurrent-ruby (1.0.5)
    crass (1.0.2)
    daemons (1.2.4)
    envyable (1.0.0)
    eventmachine (1.2.3)
    i18n (0.8.4)
    json (2.1.0)
    mini_portile2 (2.2.0)
    minitest (5.10.2)
    nokogiri (1.8.0)
      mini_portile2 (~> 2.2.0)
    nokogumbo (1.4.13)
      nokogiri
    pg (0.21.0)
    rack (1.6.8)
    rack-protection (1.5.3)
      rack
    rack-test (0.6.3)
      rack (>= 1.0)
    rake (12.0.0)
    ripl (0.7.1)
      bond (~> 0.5.1)
    ripl-multi_line (0.3.1)
      ripl (>= 0.3.6)
    ripl-rack (0.2.1)
      rack (>= 1.0)
      rack-test (~> 0.6.2)
      ripl (>= 0.7.0)
    sanitize (4.5.0)
      crass (~> 1.0.2)
      nokogiri (>= 1.4.4)
      nokogumbo (~> 1.4.1)
    shotgun (0.9.2)
      rack (>= 1.0)
    sinatra (1.4.8)
      rack (~> 1.5)
      rack-protection (~> 1.4)
      tilt (>= 1.3, < 3)
    sinatra-activerecord (2.0.13)
      activerecord (>= 3.2)
      sinatra (>= 1.0)
    sinatra-cross_origin (0.3.2)
    sqlite3 (1.3.13)
    string-urlize (1.0.2)
      i18n (~> 0.5)
    thin (1.7.1)
      daemons (~> 1.0, >= 1.0.9)
      eventmachine (~> 1.0, >= 1.0.4)
      rack (>= 1, < 3)
    thread_safe (0.3.6)
    tilt (2.0.7)
    tux (0.3.0)
      ripl (>= 0.3.5)
      ripl-multi_line (>= 0.2.4)
      ripl-rack (>= 0.2.0)
      sinatra (>= 1.2.1)
    tzinfo (1.2.3)
      thread_safe (~> 0.1)
    wannabe_bool (0.6.0)

PLATFORMS
  ruby

DEPENDENCIES
  activerecord (= 5.1.2)
  envyable (= 1.0.0)
  json (= 2.1.0)
  pg (= 0.21.0)
  rake (= 12.0.0)
  sanitize (= 4.5)
  shotgun (= 0.9.2)
  sinatra (= 1.4.8)
  sinatra-activerecord (= 2.0.13)
  sinatra-cross_origin (= 0.3.2)
  sqlite3 (= 1.3.13)
  string-urlize (= 1.0.2)
  thin (= 1.7.1)
  tux (= 0.3.0)
  wannabe_bool (= 0.6.0)

RUBY VERSION
   ruby 2.4.1p111

BUNDLED WITH
   1.15.1
